GEM
  remote: https://rubygems.org/
  specs:
    appraisal (1.0.0.beta1)
      bundler
      rake
      thor (~> 0.18.1)
    columnize (0.3.6)
    debugger (1.6.3)
      columnize (>= 0.3.1)
      debugger-linecache (~> 1.2.0)
      debugger-ruby_core_source (~> 1.2.4)
    debugger-linecache (1.2.0)
    debugger-ruby_core_source (1.2.4)
    json (1.8.1)
    rake (10.1.0)
    rdoc (4.0.1)
      json (~> 1.4)
    thor (0.18.1)

PLATFORMS
  ruby

DEPENDENCIES
  appraisal (= 1.0.0.beta1)
  debugger
  rake
  rdoc
