GEM
  remote: https://rubygems.org/
  specs:
    appraisal (1.0.0.beta1)
      bundler
      rake
      thor (>= 0.14.0)
    columnize (0.3.6)
    debugger (1.5.0)
      columnize (>= 0.3.1)
      debugger-linecache (~> 1.2.0)
      debugger-ruby_core_source (~> 1.2.0)
    debugger-linecache (1.2.0)
    debugger-ruby_core_source (1.2.0)
    json (1.7.7)
    rake (10.1.0)
    rdoc (4.0.1)
      json (~> 1.4)
    thor (0.18.1)

PLATFORMS
  ruby

DEPENDENCIES
  appraisal (= 1.0.0.beta2)
  debugger
  rdoc
